PATH
  remote: .
  specs:
    tv.rb (0.3.1)

GEM
  remote: https://rubygems.org/
  specs:
    rake (13.0.3)

PLATFORMS
  x86_64-darwin-20

DEPENDENCIES
  rake
  tv.rb!

BUNDLED WITH
   2.2.21
